GEM
  remote: https://rubygems.org/
  specs:
    mina (1.2.3)
      open4 (~> 1.3.4)
      rake
    mina-puma (1.1.0)
      mina (~> 1.2.0)
      puma (>= 2.13)
    mustermann (1.0.2)
    open4 (1.3.4)
    puma (3.11.4)
    rack (2.0.5)
    rack-protection (2.0.1)
      rack
    rake (12.3.1)
    sinatra (2.0.1)
      mustermann (~> 1.0)
      rack (~> 2.0)
      rack-protection (= 2.0.1)
      tilt (~> 2.0)
    tilt (2.0.8)

PLATFORMS
  ruby

DEPENDENCIES
  mina
  mina-puma
  puma
  sinatra

BUNDLED WITH
   1.16.1
