GIT
  remote: https://github.com/TCIT/document-foliator.git
  revision: 38632f8cd3881815a822a30d753641ce0a9ac6af
  specs:
    document-foliator (0.1.0)
      activesupport
      combine_pdf
      pdf-reader
      prawn

GEM
  remote: https://rubygems.org/
  specs:
    Ascii85 (1.0.3)
    activesupport (5.2.0)
      concurrent-ruby (~> 1.0, >= 1.0.2)
      i18n (>= 0.7, < 2)
      minitest (~> 5.1)
      tzinfo (~> 1.1)
    afm (0.2.2)
    combine_pdf (1.0.11)
      ruby-rc4 (>= 0.1.5)
    concurrent-ruby (1.0.5)
    hashery (2.1.2)
    i18n (1.0.1)
      concurrent-ruby (~> 1.0)
    mime-types (3.1)
      mime-types-data (~> 3.2015)
    mime-types-data (3.2016.0521)
    minitest (5.11.3)
    multipart-post (2.0.0)
    mustermann (1.0.2)
    pdf-core (0.7.0)
    pdf-reader (2.1.0)
      Ascii85 (~> 1.0.0)
      afm (~> 0.2.1)
      hashery (~> 2.0)
      ruby-rc4
      ttfunk
    prawn (2.2.2)
      pdf-core (~> 0.7.0)
      ttfunk (~> 1.5)
    puma (3.11.4)
    rack (2.0.5)
    rack-protection (2.0.1)
      rack
    ruby-rc4 (0.1.5)
    sinatra (2.0.1)
      mustermann (~> 1.0)
      rack (~> 2.0)
      rack-protection (= 2.0.1)
      tilt (~> 2.0)
    thread_safe (0.3.6)
    tilt (2.0.8)
    ttfunk (1.5.1)
    tzinfo (1.2.5)
      thread_safe (~> 0.1)

PLATFORMS
  ruby

DEPENDENCIES
  document-foliator (= 0.1.0)!
  mime-types (~> 3.1)
  multipart-post
  puma
  sinatra

BUNDLED WITH
   1.16.1
